GEM
  remote: https://rubygems.org/
  specs:
    concurrent-ruby (1.3.5)
    emoji (1.0.7)
      json
    i18n (1.14.7)
      concurrent-ruby (~> 1.0)
    json (2.10.2)

PLATFORMS
  arm64-darwin-22
  ruby

DEPENDENCIES
  emoji
  i18n
  json

BUNDLED WITH
   2.5.3
